GEM
  specs:
    rack (1.2.3)
    rspec (1.3.1)
    rspec-rails (1.3.3)
      rack (>= 1.0.0)
      rspec (= 1.3.1)

PLATFORMS
  ruby

DEPENDENCIES
  rspec (= 1.3.1)
  rspec-rails (= 1.3.3)
